GEM
  remote: https://rubygems.org/
  specs:
    ast (2.4.2)
    avro (1.10.0)
      multi_json (~> 1)
    aws-eventstream (1.3.0)
    aws-partitions (1.1042.0)
    aws-sdk-cloudwatchevents (1.86.0)
      aws-sdk-core (~> 3, >= 3.216.0)
      aws-sigv4 (~> 1.5)
    aws-sdk-core (3.217.0)
      aws-eventstream (~> 1, >= 1.3.0)
      aws-partitions (~> 1, >= 1.992.0)
      aws-sigv4 (~> 1.9)
      jmespath (~> 1, >= 1.6.1)
    aws-sdk-kinesis (1.26.0)
      aws-sdk-core (~> 3, >= 3.99.0)
      aws-sigv4 (~> 1.1)
    aws-sdk-kms (1.36.0)
      aws-sdk-core (~> 3, >= 3.99.0)
      aws-sigv4 (~> 1.1)
    aws-sdk-lambda (1.145.0)
      aws-sdk-core (~> 3, >= 3.216.0)
      aws-sigv4 (~> 1.5)
    aws-sigv4 (1.11.0)
      aws-eventstream (~> 1, >= 1.0.2)
    diff-lcs (1.5.1)
    jmespath (1.6.2)
    json (2.9.1)
    language_server-protocol (3.17.0.3)
    mocha (2.7.1)
      ruby2_keywords (>= 0.0.5)
    multi_json (1.15.0)
    nypl_log_formatter (0.1.3)
    nypl_ruby_util (0.1.1)
      avro (= 1.10.0)
      aws-sdk-cloudwatchevents
      aws-sdk-kinesis (= 1.26.0)
      aws-sdk-kms (= 1.36.0)
      aws-sdk-lambda
      nypl_log_formatter (= 0.1.3)
      nypl_sierra_api_client (= 1.0.3)
    nypl_sierra_api_client (1.0.3)
    parallel (1.26.3)
    parser (3.3.7.0)
      ast (~> 2.4.1)
      racc
    racc (1.8.1)
    rainbow (3.1.1)
    regexp_parser (2.10.0)
    rspec (3.13.0)
      rspec-core (~> 3.13.0)
      rspec-expectations (~> 3.13.0)
      rspec-mocks (~> 3.13.0)
    rspec-core (3.13.2)
      rspec-support (~> 3.13.0)
    rspec-expectations (3.13.3)
      diff-lcs (>= 1.2.0, < 2.0)
      rspec-support (~> 3.13.0)
    rspec-mocks (3.13.2)
      diff-lcs (>= 1.2.0, < 2.0)
      rspec-support (~> 3.13.0)
    rspec-support (3.13.2)
    rubocop (1.71.0)
      json (~> 2.3)
      language_server-protocol (>= 3.17.0)
      parallel (~> 1.10)
      parser (>= 3.3.0.2)
      rainbow (>= 2.2.2, < 4.0)
      regexp_parser (>= 2.9.3, < 3.0)
      rubocop-ast (>= 1.36.2, < 2.0)
      ruby-progressbar (~> 1.7)
      unicode-display_width (>= 2.4.0, < 4.0)
    rubocop-ast (1.37.0)
      parser (>= 3.3.1.0)
    ruby-progressbar (1.13.0)
    ruby2_keywords (0.0.5)
    unicode-display_width (3.1.4)
      unicode-emoji (~> 4.0, >= 4.0.4)
    unicode-emoji (4.0.4)

PLATFORMS
  ruby
  x86_64-darwin-23

DEPENDENCIES
  mocha
  nypl_ruby_util
  rspec
  rubocop

BUNDLED WITH
   2.6.3
